GEM
  remote: https://rubygems.org/
  specs:
    minitest (5.14.4)
    ruby2d (0.9.5)

PLATFORMS
  x86_64-linux

DEPENDENCIES
  minitest
  ruby2d

BUNDLED WITH
   2.2.9
